GIT
  remote: git://github.com/Strech/termin_de.git
  revision: 1c18e3bb24341768dcb90aa83702a2bcf5af23ee
  specs:
    termin_de (0.0.1)
      curb (>= 0.8.8)
      nokogiri (>= 1.6.6)

GEM
  remote: https://rubygems.org/
  specs:
    curb (0.9.0)
    mail (2.6.3)
      mime-types (>= 1.16, < 3)
    mime-types (2.6.2)
    mini_portile2 (2.0.0)
    nokogiri (1.6.7.1)
      mini_portile2 (~> 2.0.0.rc2)

PLATFORMS
  ruby

DEPENDENCIES
  mail
  termin_de!

BUNDLED WITH
   1.10.6
