GIT
  remote: git://github.com/Strech/termin_de.git
  revision: d03a01858a432d80cc30b7338d421a176b15728b
  specs:
    termin_de (0.0.1)
      curb (>= 0.8.8)
      nokogiri (>= 1.6.6)

GEM
  remote: https://rubygems.org/
  specs:
    curb (0.9.0)
    mail (2.6.3)
      mime-types (>= 1.16, < 3)
    mime-types (2.6.2)
    mini_portile2 (2.0.0)
    nokogiri (1.6.7.1)
      mini_portile2 (~> 2.0.0.rc2)
    rake (10.4.2)

PLATFORMS
  ruby

DEPENDENCIES
  mail
  rake
  termin_de!

BUNDLED WITH
   1.11.2
